GEM
  remote: https://rubygems.org/
  specs:
    ansi (1.5.0)
    base64 (0.3.0)
    builder (3.3.0)
    ffi (1.17.2)
    listen (3.9.0)
      rb-fsevent (~> 0.10, >= 0.10.3)
      rb-inotify (~> 0.9, >= 0.9.10)
    logger (1.7.0)
    mini_portile2 (2.8.9)
    minitest (5.15.0)
    minitest-reporters (1.5.0)
      ansi
      builder
      minitest (>= 5.0)
      ruby-progressbar
    mustermann (3.0.3)
      ruby2_keywords (~> 0.0.1)
    nio4r (2.7.4)
    nokogiri (1.18.9)
      mini_portile2 (~> 2.8.2)
      racc (~> 1.4)
    puma (5.6.9)
      nio4r (~> 2.0)
    racc (1.8.1)
    rack (3.1.16)
    rack-protection (4.1.0)
      base64 (>= 0.1.0)
      logger (>= 1.6.0)
      rack (>= 3.0.0, < 4)
    rack-session (2.1.1)
      base64 (>= 0.1.0)
      rack (>= 3.0.0)
    rack-test (2.2.0)
      rack (>= 1.3)
    rake (13.0.6)
    rb-fsevent (0.11.2)
    rb-inotify (0.11.1)
      ffi (~> 1.0)
    rerun (0.13.1)
      listen (~> 3.0)
    ruby-progressbar (1.13.0)
    ruby2_keywords (0.0.5)
    sinatra (4.1.0)
      logger (>= 1.6.0)
      mustermann (~> 3.0)
      rack (>= 3.0.0, < 4)
      rack-protection (= 4.1.0)
      rack-session (>= 2.0.0, < 3)
      tilt (~> 2.0)
    tilt (2.6.0)
    tmart134_palindrome (0.2.1)
      bundler (~> 2.3.10)
      minitest (~> 5.0)
      rake (~> 13.0)

PLATFORMS
  x86_64-linux

DEPENDENCIES
  minitest (= 5.15.0)
  minitest-reporters (= 1.5.0)
  nokogiri (= 1.18.9)
  puma (= 5.6.9)
  rack-test (= 2.2.0)
  rake (= 13.0.6)
  rerun (= 0.13.1)
  sinatra (= 4.1.0)
  tmart134_palindrome (= 0.2.1)

RUBY VERSION
   ruby 3.1.2p20

BUNDLED WITH
   2.3.10
